PATH
  remote: .
  specs:
    docomo_image_recognition (0.1.1)
      curb (~> 0.8)

GEM
  remote: https://rubygems.org/
  specs:
    curb (0.8.6)
    rake (10.4.2)

PLATFORMS
  ruby

DEPENDENCIES
  docomo_image_recognition!
  rake
